GEM
  remote: http://rubygems.org/
  specs:
    childprocess (0.9.0)
      ffi (~> 1.0, >= 1.0.11)
    coderay (1.1.2)
    concurrent-ruby (1.1.4)
    ffi (1.9.25)
    method_source (0.9.2)
    minitest (5.11.3)
    optimist (3.0.0)
    pry (0.12.2)
      coderay (~> 1.1.0)
      method_source (~> 0.9.0)
    regexp_parser (1.3.0)
    rubyzip (1.2.2)
    selenium-webdriver (3.141.0)
      childprocess (~> 0.5)
      rubyzip (~> 1.2, >= 1.2.2)
    watir (6.16.0)
      regexp_parser (~> 1.2)
      selenium-webdriver (~> 3.6)

PLATFORMS
  ruby

DEPENDENCIES
  concurrent-ruby (~> 1.1)
  minitest (~> 5.11)
  optimist (~> 3.0)
  pry (~> 0.12.2)
  watir (~> 6.15)

BUNDLED WITH
   1.16.6
